GEM
  remote: https://rubygems.org/
  specs:
    activesupport (4.0.13)
      i18n (~> 0.6, >= 0.6.9)
      minitest (~> 4.2)
      multi_json (~> 1.3)
      thread_safe (~> 0.1)
      tzinfo (~> 0.3.37)
    addressable (2.2.8)
    ast (2.3.0)
    axiom-types (0.1.1)
      descendants_tracker (~> 0.0.4)
      ice_nine (~> 0.11.0)
      thread_safe (~> 0.3, >= 0.3.1)
    codeclimate-engine-rb (0.4.1)
      virtus (~> 1.0)
    coercible (1.0.0)
      descendants_tracker (~> 0.0.1)
    concurrent-ruby (1.0.5)
    cowsay (0.3.0)
    descendants_tracker (0.0.4)
      thread_safe (~> 0.3, >= 0.3.1)
    equalizer (0.0.11)
    equatable (0.5.0)
    erubis (2.7.0)
    ffi (1.9.18)
    gist (4.6.1)
    github (0.7.2)
      highline (~> 1.6)
      json_pure (~> 1.5.1)
      launchy (~> 2.0.2)
      text-format (= 1.0.0)
      text-hyphen (= 1.0.0)
    highline (1.7.10)
    i18n (0.9.1)
      concurrent-ruby (~> 1.0)
    ice_nine (0.11.2)
    jira-ruby (1.1.3)
      activesupport
      oauth (~> 0.5, >= 0.5.0)
    json_pure (1.5.5)
      spruz (~> 0.2.8)
    launchy (2.0.5)
      addressable (~> 2.2.6)
    lolcat (90.8.8)
      paint (~> 2.0.0)
      trollop (~> 2.1.2)
    minitest (4.7.5)
    msgpack (1.2.0)
    multi_json (1.12.2)
    necromancer (0.4.0)
    neovim (0.6.2)
      msgpack (~> 1.1)
      multi_json (~> 1.0)
    oauth (0.5.4)
    paint (2.0.1)
    parallel (1.12.0)
    parser (2.4.0.2)
      ast (~> 2.3)
    pastel (0.7.2)
      equatable (~> 0.5.0)
      tty-color (~> 0.4.0)
    powerpack (0.1.1)
    rainbow (2.2.2)
      rake
    rake (12.3.0)
    rb-fsevent (0.10.2)
    rb-inotify (0.9.10)
      ffi (>= 0.5.0, < 2)
    reek (4.7.3)
      codeclimate-engine-rb (~> 0.4.0)
      parser (>= 2.4.0.0, < 2.5)
      rainbow (~> 2.0)
    rubocop (0.52.0)
      parallel (~> 1.10)
      parser (>= 2.4.0.2, < 3.0)
      powerpack (~> 0.1)
      rainbow (>= 2.2.2, < 4.0)
      ruby-progressbar (~> 1.7)
      unicode-display_width (~> 1.0, >= 1.0.1)
    ruby-progressbar (1.9.0)
    sass (3.5.3)
      sass-listen (~> 4.0.0)
    sass-listen (4.0.0)
      rb-fsevent (~> 0.9, >= 0.9.4)
      rb-inotify (~> 0.9, >= 0.9.7)
    spruz (0.2.13)
    terjira (0.3.9)
      activesupport (= 4.0.13)
      jira-ruby (= 1.1.3)
      thor (~> 0.19.0)
      tty-prompt (~> 0.12.0)
      tty-spinner (~> 0.4.1)
      tty-table (~> 0.8.0)
    text-format (1.0.0)
      text-hyphen (~> 1.0.0)
    text-hyphen (1.0.0)
    thor (0.19.4)
    thread_safe (0.3.6)
    tmuxinator (0.10.1)
      erubis (~> 2.6)
      thor (~> 0.19, >= 0.15.0)
      xdg (~> 2.2, >= 2.2.3)
    trollop (2.1.2)
    tty-color (0.4.2)
    tty-cursor (0.4.0)
    tty-prompt (0.12.0)
      necromancer (~> 0.4.0)
      pastel (~> 0.7.0)
      tty-cursor (~> 0.4.0)
      wisper (~> 1.6.1)
    tty-screen (0.5.1)
    tty-spinner (0.4.1)
    tty-table (0.8.0)
      equatable (~> 0.5.0)
      necromancer (~> 0.4.0)
      pastel (~> 0.7.0)
      tty-screen (~> 0.5.0)
      unicode-display_width (~> 1.1.0)
      verse (~> 0.5.0)
    tzinfo (0.3.53)
    unicode-display_width (1.1.3)
    unicode_utils (1.4.0)
    verse (0.5.0)
      unicode-display_width (~> 1.1.0)
      unicode_utils (~> 1.4.0)
    virtus (1.0.5)
      axiom-types (~> 0.1)
      coercible (~> 1.0)
      descendants_tracker (~> 0.0, >= 0.0.3)
      equalizer (~> 0.0, >= 0.0.9)
    wisper (1.6.1)
    xdg (2.2.3)

PLATFORMS
  ruby

DEPENDENCIES
  cowsay
  gist
  github
  lolcat
  neovim
  rake
  reek
  rubocop
  sass
  terjira
  tmuxinator

BUNDLED WITH
   1.16.0
